GEM
  remote: http://rubygems.org/
  specs:
    rake (11.3.0)

PLATFORMS
  ruby
  x64-mingw32

DEPENDENCIES
  rake

BUNDLED WITH
   1.12.5
